PATH
  remote: .
  specs:
    ohm-stateful-model (1.0.0)
      ohm (~> 1.3.2)
      state_machine (~> 1.2.0)

GEM
  remote: http://rubygems.org/
  specs:
    coderay (1.0.9)
    diff-lcs (1.2.4)
    method_source (0.8.1)
    mock_redis (0.8.1)
    nest (1.1.2)
      redis
    ohm (1.3.2)
      nest (~> 1.0)
      redis
      scrivener (~> 0.0.3)
    pry (0.9.12.2)
      coderay (~> 1.0.5)
      method_source (~> 0.8)
      slop (~> 3.4)
    pry-nav (0.2.3)
      pry (~> 0.9.10)
    rake (10.1.0)
    redis (3.0.4)
    rr (1.1.1)
    rspec (2.14.1)
      rspec-core (~> 2.14.0)
      rspec-expectations (~> 2.14.0)
      rspec-mocks (~> 2.14.0)
    rspec-core (2.14.4)
    rspec-expectations (2.14.0)
      diff-lcs (>= 1.1.3, < 2.0)
    rspec-mocks (2.14.1)
    scrivener (0.0.3)
    slop (3.4.5)
    state_machine (1.2.0)

PLATFORMS
  ruby

DEPENDENCIES
  mock_redis
  ohm-stateful-model!
  pry-nav
  rake
  rr
  rspec
